PATH
  remote: .
  specs:
    puma-stats-logger (0.3.0)
      dogstatsd-ruby
      json
      puma (>= 3.1.0)

GEM
  remote: https://rubygems.org/
  specs:
    diff-lcs (1.2.5)
    dogstatsd-ruby (2.2.0)
    json (2.0.3)
    puma (3.8.1)
    rack (1.5.2)
    rack-test (0.6.2)
      rack (>= 1.0)
    rake (10.3.2)
    rspec (2.14.1)
      rspec-core (~> 2.14.0)
      rspec-expectations (~> 2.14.0)
      rspec-mocks (~> 2.14.0)
    rspec-core (2.14.8)
    rspec-expectations (2.14.5)
      diff-lcs (>= 1.1.3, < 2.0)
    rspec-mocks (2.14.6)

PLATFORMS
  ruby

DEPENDENCIES
  puma-stats-logger!
  rack-test
  rake
  rspec

BUNDLED WITH
   1.13.7
